GEM
  remote: https://rubygems.org/
  specs:
    byebug (8.2.2)
    coderay (1.1.1)
    foreman (0.78.0)
      thor (~> 0.19.1)
    method_source (0.8.2)
    msgpack (0.7.4)
    pry (0.10.3)
      coderay (~> 1.1.0)
      method_source (~> 0.8.1)
      slop (~> 3.4)
    rbczmq (1.7.9)
    slop (3.6.0)
    thor (0.19.1)

PLATFORMS
  ruby

DEPENDENCIES
  byebug
  foreman
  msgpack
  pry
  rbczmq

BUNDLED WITH
   1.10.6
